GEM
  remote: https://rubygems.org/
  specs:
    curses (1.4.4)
    lmdb (0.6.1)

PLATFORMS
  aarch64-linux-musl
  x86_64-linux

DEPENDENCIES
  curses
  lmdb

BUNDLED WITH
   2.3.7
